PATH
  remote: .
  specs:
    ansa (0.0.1)

GEM
  remote: https://rubygems.org/
  specs:
    addressable (2.5.2)
      public_suffix (>= 2.0.2, < 4.0)
    codecov (0.1.10)
      json
      simplecov
      url
    crack (0.4.3)
      safe_yaml (~> 1.0.0)
    docile (1.3.1)
    hashdiff (0.3.7)
    json (2.1.0)
    minitest (5.10.3)
    public_suffix (3.0.3)
    rake (12.3.0)
    safe_yaml (1.0.4)
    simplecov (0.16.1)
      docile (~> 1.1)
      json (>= 1.8, < 3)
      simplecov-html (~> 0.10.0)
    simplecov-html (0.10.2)
    url (0.3.2)
    webmock (3.4.2)
      addressable (>= 2.3.6)
      crack (>= 0.3.2)
      hashdiff

PLATFORMS
  ruby

DEPENDENCIES
  ansa!
  codecov (>= 0.1.10)
  minitest
  rake
  simplecov
  webmock

BUNDLED WITH
   1.16.5
